GIT
  remote: https://github.com/maehachi08/goosetune.git
  revision: f602e19c5b404f7daa45d6ba3a06c8b03bf2f0c4
  branch: correspond-to-playgoose
  specs:
    goosetune (0.0.4)

GEM
  remote: https://rubygems.org/
  specs:
    activemodel (7.0.4.1)
      activesupport (= 7.0.4.1)
    activerecord (7.0.4.1)
      activemodel (= 7.0.4.1)
      activesupport (= 7.0.4.1)
    activesupport (7.0.4.1)
      concurrent-ruby (~> 1.0, >= 1.0.2)
      i18n (>= 1.6, < 2)
      minitest (>= 5.1)
      tzinfo (~> 2.0)
    concurrent-ruby (1.1.10)
    dotenv (2.7.4)
    i18n (1.12.0)
      concurrent-ruby (~> 1.0)
    json (2.2.0)
    metaclass (0.0.4)
    minitest (5.17.0)
    mocha (1.9.0)
      metaclass (~> 0.0.1)
    mysql2 (0.5.2)
    power_assert (1.1.4)
    specific_install (0.3.5)
    test-unit (3.3.3)
      power_assert
    tzinfo (2.0.5)
      concurrent-ruby (~> 1.0)

PLATFORMS
  ruby

DEPENDENCIES
  activerecord
  dotenv
  goosetune (= 0.0.4)!
  json
  mocha
  mysql2 (>= 0.3.18, < 0.6.0)
  specific_install
  test-unit

BUNDLED WITH
   2.0.1
